GEM
  remote: https://rubygems.org/
  specs:
    slim (4.1.0)
      temple (>= 0.7.6, < 0.9)
      tilt (>= 2.0.6, < 2.1)
    temple (0.8.2)
    tilt (2.0.10)

PLATFORMS
  x86_64-darwin-19

DEPENDENCIES
  slim

RUBY VERSION
   ruby 3.0.0p0

BUNDLED WITH
   2.2.11
